PATH
  remote: .
  specs:
    just_serve_it (0.0.1)
      activesupport
      mongoid
      renee

GEM
  remote: http://rubygems.org/
  specs:
    activemodel (3.1.1)
      activesupport (= 3.1.1)
      builder (~> 3.0.0)
      i18n (~> 0.6)
    activesupport (3.1.1)
      multi_json (~> 1.0)
    bson (1.4.1)
    builder (3.0.0)
    i18n (0.6.0)
    mongo (1.4.1)
      bson (= 1.4.1)
    mongoid (2.3.2)
      activemodel (~> 3.1)
      mongo (~> 1.4)
      tzinfo (~> 0.3.22)
    multi_json (1.0.3)
    rack (1.3.5)
    renee (0.1.1)
      renee-core (= 0.1.1)
      renee-render (= 0.1.1)
    renee-core (0.1.1)
      rack (~> 1.3.0)
    renee-render (0.1.1)
      rack (~> 1.3.0)
      tilt (~> 1.3.3)
    tilt (1.3.3)
    tzinfo (0.3.30)

PLATFORMS
  ruby

DEPENDENCIES
  just_serve_it!
